PATH
  remote: .
  specs:
    oakpot (0.0.1)
      activesupport
      faraday
      twilio-ruby

GEM
  remote: https://rubygems.org/
  specs:
    activesupport (4.0.0)
      i18n (~> 0.6, >= 0.6.4)
      minitest (~> 4.2)
      multi_json (~> 1.3)
      thread_safe (~> 0.1)
      tzinfo (~> 0.3.37)
    atomic (1.1.14)
    builder (3.2.2)
    faker (1.2.0)
      i18n (~> 0.5)
    faraday (0.8.8)
      multipart-post (~> 1.2.0)
    i18n (0.6.5)
    jwt (0.1.8)
      multi_json (>= 1.5)
    minitest (4.7.5)
    multi_json (1.8.2)
    multipart-post (1.2.0)
    rake (10.1.0)
    thread_safe (0.1.3)
      atomic
    twilio-ruby (3.11.4)
      builder (>= 2.1.2)
      jwt (>= 0.1.2)
      multi_json (>= 1.3.0)
    tzinfo (0.3.38)
    vcr (2.6.0)

PLATFORMS
  ruby

DEPENDENCIES
  bundler (~> 1.3)
  faker
  oakpot!
  rake
  vcr
